GEM
  remote: http://rubygems.org/
  specs:
    activemodel (5.2.8.1)
      activesupport (= 5.2.8.1)
    activerecord (5.2.8.1)
      activemodel (= 5.2.8.1)
      activesupport (= 5.2.8.1)
      arel (>= 9.0)
    activesupport (5.2.8.1)
      concurrent-ruby (~> 1.0, >= 1.0.2)
      i18n (>= 0.7, < 2)
      minitest (~> 5.1)
      tzinfo (~> 1.1)
    arel (9.0.0)
    concurrent-ruby (1.1.10)
    diff-lcs (1.1.2)
    ffi (0.6.3)
      rake (>= 0.8.7)
    i18n (1.11.0)
      concurrent-ruby (~> 1.0)
    json (1.4.6)
    minitest (5.16.2)
    rack (1.2.1)
    rack-test (0.5.6)
      rack (>= 1.0)
    rake (0.8.7)
    rspec (2.2.0)
      rspec-core (~> 2.2)
      rspec-expectations (~> 2.2)
      rspec-mocks (~> 2.2)
    rspec-core (2.2.1)
    rspec-expectations (2.2.0)
      diff-lcs (~> 1.1.2)
    rspec-mocks (2.2.0)
    sinatra (1.1.0)
      rack (~> 1.1)
      tilt (~> 1.1)
    sqlite3 (0.1.1)
      ffi (>= 0.6.3)
    thread_safe (0.3.6)
    tilt (1.1)
    typhoeus (0.2.0)
    tzinfo (1.2.9)
      thread_safe (~> 0.1)

PLATFORMS
  ruby

DEPENDENCIES
  activerecord (= 5.2.8.1)
  json (= 1.4.6)
  rack-test (= 0.5.6)
  rspec (= 2.2.0)
  sinatra (= 1.1.0)
  sqlite3 (= 0.1.1)
  typhoeus (= 0.2.0)
